GEM
  specs:
    event-calendar (2.3.3)

PLATFORMS
  ruby

DEPENDENCIES
  event-calendar
